GEM
  remote: http://rubygems.org/
  specs:
    builder (3.2.2)
    columnize (0.3.6)
    debugger (1.6.2)
      columnize (>= 0.3.1)
      debugger-linecache (~> 1.2.0)
      debugger-ruby_core_source (~> 1.2.3)
    debugger-linecache (1.2.0)
    debugger-ruby_core_source (1.2.4)
    json (1.8.1)
    writeexcel (1.0.1)

PLATFORMS
  ruby

DEPENDENCIES
  builder
  debugger
  json
  writeexcel (~> 1.0.1)
