GEM
  remote: http://rubygems.org/
  specs:
    builder (3.2.0)
    columnize (0.3.6)
    debugger (1.5.0)
      columnize (>= 0.3.1)
      debugger-linecache (~> 1.2.0)
      debugger-ruby_core_source (~> 1.2.0)
    debugger-linecache (1.2.0)
    debugger-ruby_core_source (1.2.0)
    nokogiri (1.5.9)

PLATFORMS
  ruby

DEPENDENCIES
  builder
  debugger
  nokogiri
